GEM
  remote: http://rubygems.org/
  specs:
    cloudfiles (1.5.0.1)
      json
    daemon_controller (1.0.0)
    dalli (2.1.0)
    fastthread (1.0.7)
    json (1.7.4)
    passenger (3.0.17)
      daemon_controller (>= 1.0.0)
      fastthread (>= 1.0.1)
      rack
      rake (>= 0.8.1)
    rack (1.4.1)
    rack-protection (1.2.0)
      rack
    rake (0.9.2.2)
    sinatra (1.3.2)
      rack (~> 1.3, >= 1.3.6)
      rack-protection (~> 1.2)
      tilt (~> 1.3, >= 1.3.3)
    tilt (1.3.3)

PLATFORMS
  ruby

DEPENDENCIES
  cloudfiles
  dalli
  json
  passenger
  sinatra
