GEM
  remote: http://rubygems.org/
  specs:
    cloudfiles (1.5.0.1)
      json
    dalli (2.1.0)
    json (1.7.4)
    rack (1.4.1)
    rack-protection (1.2.0)
      rack
    sinatra (1.3.2)
      rack (~> 1.3, >= 1.3.6)
      rack-protection (~> 1.2)
      tilt (~> 1.3, >= 1.3.3)
    tilt (1.3.3)

PLATFORMS
  ruby

DEPENDENCIES
  cloudfiles
  dalli
  json
  sinatra
